PATH
  remote: .
  specs:
    business_time (0.7.2)
      activesupport (~> 4.0.3)
      tzinfo

GEM
  remote: https://rubygems.org/
  specs:
    activesupport (4.0.4)
      i18n (~> 0.6, >= 0.6.9)
      minitest (~> 4.2)
      multi_json (~> 1.3)
      thread_safe (~> 0.1)
      tzinfo (~> 0.3.37)
    i18n (0.6.9)
    json (1.8.1)
    minitest (4.7.5)
    minitest-rg (1.1.1)
      minitest (< 5.0)
    multi_json (1.9.2)
    rake (10.2.2)
    rdoc (4.1.1)
      json (~> 1.4)
    thread_safe (0.3.3)
    tzinfo (0.3.39)

PLATFORMS
  ruby

DEPENDENCIES
  business_time!
  minitest
  minitest-rg
  rake
  rdoc
