PATH
  remote: .
  specs:
    business_time (0.7.3)
      activesupport (>= 3.1.0)
      tzinfo

GEM
  remote: https://rubygems.org/
  specs:
    activesupport (4.1.0)
      i18n (~> 0.6, >= 0.6.9)
      json (~> 1.7, >= 1.7.7)
      minitest (~> 5.1)
      thread_safe (~> 0.1)
      tzinfo (~> 1.1)
    i18n (0.6.9)
    json (1.8.1)
    minitest (5.2.2)
    minitest-rg (5.0.0)
      minitest (~> 5.0)
    rake (10.1.1)
    rdoc (4.1.1)
      json (~> 1.4)
    thread_safe (0.3.3)
    timecop (0.7.1)
    tzinfo (1.1.0)
      thread_safe (~> 0.1)

PLATFORMS
  ruby

DEPENDENCIES
  business_time!
  minitest
  minitest-rg
  rake
  rdoc
  timecop
