PATH
  remote: .
  specs:
    business_time (0.9.0)
      activesupport (>= 3.1.0)
      tzinfo

GEM
  remote: https://rubygems.org/
  specs:
    activesupport (5.0.2)
      concurrent-ruby (~> 1.0, >= 1.0.2)
      i18n (~> 0.7)
      minitest (~> 5.1)
      tzinfo (~> 1.1)
    concurrent-ruby (1.0.5)
    i18n (0.8.1)
    minitest (5.10.1)
    minitest-rg (5.2.0)
      minitest (~> 5.0)
    rake (12.0.0)
    rdoc (5.1.0)
    thread_safe (0.3.6)
    tzinfo (1.2.3)
      thread_safe (~> 0.1)

PLATFORMS
  ruby

DEPENDENCIES
  business_time!
  minitest
  minitest-rg
  rake
  rdoc

BUNDLED WITH
   1.14.6
