PATH
  remote: .
  specs:
    business_time (0.6.0)
      activesupport (>= 3.1.0)
      tzinfo (~> 0.3.31)

GEM
  remote: http://rubygems.org/
  specs:
    activesupport (3.2.1)
      i18n (~> 0.6)
      multi_json (~> 1.0)
    i18n (0.6.0)
    multi_json (1.0.4)
    rake (0.9.2.2)
    shoulda (2.11.3)
    tzinfo (0.3.31)

PLATFORMS
  ruby

DEPENDENCIES
  business_time!
  rake (>= 0.9.2)
  shoulda
